GEM
  remote: http://rubygems.org/
  specs:
    coderay (1.0.9)
    diff-lcs (1.2.2)
    formatador (0.2.4)
    guard (1.7.0)
      formatador (>= 0.2.4)
      listen (>= 0.6.0)
      lumberjack (>= 1.0.2)
      pry (>= 0.9.10)
      thor (>= 0.14.6)
    guard-bundler (1.0.0)
      bundler (~> 1.0)
      guard (~> 1.1)
    guard-rspec (2.5.0)
      guard (>= 1.1)
      rspec (~> 2.11)
    listen (0.7.3)
    lumberjack (1.0.3)
    method_source (0.8.1)
    pry (0.9.12)
      coderay (~> 1.0.5)
      method_source (~> 0.8)
      slop (~> 3.4)
    pry-doc (0.4.5)
      pry (>= 0.9)
      yard (>= 0.8)
    rake (10.0.4)
    rb-fsevent (0.9.3)
    rspec (2.13.0)
      rspec-core (~> 2.13.0)
      rspec-expectations (~> 2.13.0)
      rspec-mocks (~> 2.13.0)
    rspec-core (2.13.1)
    rspec-expectations (2.13.0)
      diff-lcs (>= 1.1.3, < 2.0)
    rspec-mocks (2.13.0)
    slop (3.4.4)
    thor (0.18.1)
    vcr (2.4.0)
    yard (0.8.5.2)

PLATFORMS
  ruby

DEPENDENCIES
  guard (>= 1.6.2)
  guard-bundler
  guard-rspec
  pry (>= 0.9.10)
  pry-doc (>= 0.4.4)
  rake (>= 10.0.4)
  rb-fsevent
  rspec (>= 2.13)
  vcr
